{
  "AcquisitionMatrixPE": 70,
  "AcquisitionNumber": 1,
  "AcquisitionTime": "20:25:55.662500",
  "BandwidthPerPixelPhaseEncode": 28.571,
  "BaseResolution": 70,
  "BodyPartExamined": "BRAIN",
  "ConsistencyInfo": "N4_VE11C_LATEST_20160120",
  "ConversionSoftware": "dcm2niix",
  "ConversionSoftwareVersion": "v1.0.20180622 GCC6.3.0",
  "DerivedVendorReportedEchoSpacing": 0.000500008,
  "DeviceSerialNumber": "167012",
  "DwellTime": 2.6e-06,
  "EchoTime": 0.03,
  "EchoTrainLength": 70,
  "EffectiveEchoSpacing": 0.000500007,
  "FlipAngle": 90,
  "ImageOrientationPatientDICOM": [0.999264, 0.0246673, 0.0293933, -0.00906921, 0.896121, -0.443717],
  "ImageType": [
    "ORIGINAL",
    "PRIMARY",
    "M",
    "ND",
    "MOSAIC"
],
  "InPlanePhaseEncodingDirectionDICOM": "COL",
  "InstitutionAddress": "Vassar_Street_43_Cambridge_Boston_US_02139",
  "InstitutionName": "MIT",
  "InstitutionalDepartmentName": "Department",
  "MRAcquisitionType": "2D",
  "MagneticFieldStrength": 3,
  "Manufacturer": "Siemens",
  "ManufacturersModelName": "Prisma_fit",
  "Modality": "MR",
  "MultibandAccelerationFactor": 2,
  "PartialFourier": 1,
  "PatientPosition": "HFS",
  "PercentPhaseFOV": 100,
  "PhaseEncodingDirection": "j-",
  "PhaseEncodingSteps": 70,
  "PhaseResolution": 1,
  "PixelBandwidth": 2745,
  "ProcedureStepDescription": "Saxe_SISO",
  "ProtocolName": "CIC_s2_TR2000_3mm_AP_4",
  "PulseSequenceDetails": "%SiemensSeq%_ep2d_bold",
  "ReceiveCoilActiveElements": "HEA;HEP",
  "ReceiveCoilName": "Head_32",
  "ReconMatrixPE": 70,
  "RepetitionTime": 2,
  "SAR": 0.0846591,
  "ScanOptions": "FS",
  "ScanningSequence": "EP",
  "SequenceName": "_epfid2d1_70",
  "SequenceVariant": "SK",
  "SeriesDescription": "CIC_s2_TR2000_3mm_AP_4",
  "SeriesNumber": 20,
  "ShimSetting": [-5627, -1472, 3158, 393, -72, 5, 69, -17],
  "SliceThickness": 3,
  "SliceTiming": [0, 0.0675, 0.135, 0.205, 0.2725, 0.34, 0.41, 0.4775, 0.545, 0.6125, 0.6825, 0.75, 0.8175, 0.8875, 0.955, 1.0225, 1.0925, 1.16, 1.2275, 1.2975, 1.365, 1.4325, 1.5, 1.57, 1.6375, 1.705, 1.775, 1.8425, 1.91, 0, 0.0675, 0.135, 0.205, 0.2725, 0.34, 0.41, 0.4775, 0.545, 0.6125, 0.6825, 0.75, 0.8175, 0.8875, 0.955, 1.0225, 1.0925, 1.16, 1.2275, 1.2975, 1.365, 1.4325, 1.5, 1.57, 1.6375, 1.705, 1.775, 1.8425, 1.91],
  "SoftwareVersions": "syngo_MR_E11",
  "SpacingBetweenSlices": 3.3,
  "StationName": "MRC35115",
  "TaskName": "CIC",
  "TotalReadoutTime": 0.0345005,
  "TxRefAmp": 274.406}