{
  "AcquisitionMatrixPE": 70,
  "AcquisitionNumber": 1,
  "AcquisitionTime": "20:50:48.532500",
  "BandwidthPerPixelPhaseEncode": 28.571,
  "BaseResolution": 70,
  "BodyPartExamined": "BRAIN",
  "ConsistencyInfo": "N4_VE11C_LATEST_20160120",
  "ConversionSoftware": "dcm2niix",
  "ConversionSoftwareVersion": "v1.0.20180622 GCC6.3.0",
  "DerivedVendorReportedEchoSpacing": 0.000500008,
  "DeviceSerialNumber": "167012",
  "DwellTime": 2.6e-06,
  "EchoTime": 0.03,
  "EchoTrainLength": 70,
  "EffectiveEchoSpacing": 0.000500007,
  "FlipAngle": 90,
  "ImageOrientationPatientDICOM": [0.999243, 0.0172829, 0.0348411, 0.00715063, 0.798926, -0.601386],
  "ImageType": [
    "ORIGINAL",
    "PRIMARY",
    "M",
    "ND",
    "MOSAIC"
],
  "InPlanePhaseEncodingDirectionDICOM": "COL",
  "InstitutionAddress": "Vassar_Street_43_Cambridge_Boston_US_02139",
  "InstitutionName": "MIT",
  "InstitutionalDepartmentName": "Department",
  "MRAcquisitionType": "2D",
  "MagneticFieldStrength": 3,
  "Manufacturer": "Siemens",
  "ManufacturersModelName": "Prisma_fit",
  "Modality": "MR",
  "MultibandAccelerationFactor": 2,
  "PartialFourier": 1,
  "PatientPosition": "HFS",
  "PercentPhaseFOV": 100,
  "PhaseEncodingDirection": "j-",
  "PhaseEncodingSteps": 70,
  "PhaseResolution": 1,
  "PixelBandwidth": 2745,
  "ProcedureStepDescription": "Saxe_SISO",
  "ProtocolName": "MidBrainLocalizer_s2_TR2000_3mm_AP",
  "PulseSequenceDetails": "%SiemensSeq%_ep2d_bold",
  "ReceiveCoilActiveElements": "HEA;HEP",
  "ReceiveCoilName": "Head_32",
  "ReconMatrixPE": 70,
  "RepetitionTime": 2,
  "SAR": 0.0898411,
  "ScanOptions": "FS",
  "ScanningSequence": "EP",
  "SequenceName": "epfid2d1_70",
  "SequenceVariant": "SK",
  "SeriesDescription": "MidBrainLocalizer_s2_TR2000_3mm_AP",
  "SeriesNumber": 21,
  "ShimSetting": [-5606, -1486, 3141, 413, 27, 14, 2, -7],
  "SliceThickness": 3,
  "SliceTiming": [0, 0.0675, 0.135, 0.2025, 0.2725, 0.34, 0.4075, 0.4775, 0.545, 0.6125, 0.6825, 0.75, 0.8175, 0.8875, 0.955, 1.0225, 1.09, 1.16, 1.2275, 1.295, 1.365, 1.4325, 1.5, 1.57, 1.6375, 1.705, 1.775, 1.8425, 1.91, 0, 0.0675, 0.135, 0.2025, 0.2725, 0.34, 0.4075, 0.4775, 0.545, 0.6125, 0.6825, 0.75, 0.8175, 0.8875, 0.955, 1.0225, 1.09, 1.16, 1.2275, 1.295, 1.365, 1.4325, 1.5, 1.57, 1.6375, 1.705, 1.775, 1.8425, 1.91],
  "SoftwareVersions": "syngo_MR_E11",
  "SpacingBetweenSlices": 3.3,
  "StationName": "MRC35115",
  "TaskName": "midloc",
  "TotalReadoutTime": 0.0345005,
  "TxRefAmp": 254.78}