{
    "AcquisitionMatrixPE": 70, 
    "AcquisitionNumber": 1, 
    "AcquisitionTime": "20:41:14.942500", 
    "BaseResolution": 70, 
    "BodyPartExamined": "BRAIN", 
    "ConsistencyInfo": "N4_VE11C_LATEST_20160120", 
    "ConversionSoftware": "dcm2niix", 
    "ConversionSoftwareVersion": "v1.0.20180622 GCC6.3.0", 
    "DeviceSerialNumber": "167012", 
    "DwellTime": 4.7e-06, 
    "EchoTime": 0.00347, 
    "FlipAngle": 55, 
    "ImageOrientationPatientDICOM": [
        0.999983, 
        0.000344292, 
        -0.00585775, 
        -0.00349062, 
        0.837339, 
        -0.546673
    ], 
    "ImageType": [
        "ORIGINAL", 
        "PRIMARY", 
        "M", 
        "ND"
    ], 
    "InPlanePhaseEncodingDirectionDICOM": "COL", 
    "InstitutionAddress": "Vassar_Street_43_Cambridge_Boston_US_02139", 
    "InstitutionName": "MIT", 
    "InstitutionalDepartmentName": "Department", 
    "IntendedFor": [
        "func/sub-SAXSISO15b_task-midloc_run-001_bold.nii.gz"
    ], 
    "MRAcquisitionType": "2D", 
    "MagneticFieldStrength": 3, 
    "Manufacturer": "Siemens", 
    "ManufacturersModelName": "Prisma_fit", 
    "Modality": "MR", 
    "PartialFourier": 1, 
    "PatientPosition": "HFS", 
    "PercentPhaseFOV": 100, 
    "PhaseEncodingDirection": "j-", 
    "PhaseEncodingSteps": 70, 
    "PhaseResolution": 1, 
    "PixelBandwidth": 1520, 
    "ProcedureStepDescription": "Saxe_SISO", 
    "ProtocolName": "field_mapping_3mm_iso", 
    "PulseSequenceDetails": "%SiemensSeq%_gre_field_mapping", 
    "ReceiveCoilActiveElements": "HEA;HEP", 
    "ReceiveCoilName": "Head_32", 
    "ReconMatrixPE": 70, 
    "RepetitionTime": 0.5, 
    "SAR": 0.11184, 
    "ScanningSequence": "GR", 
    "SequenceName": "_fm2d2r", 
    "SequenceVariant": "SP", 
    "SeriesDescription": "field_mapping_3mm_iso", 
    "SeriesNumber": 19, 
    "ShimSetting": [
        -5626, 
        -1478, 
        3140, 
        352, 
        -30, 
        6, 
        -27, 
        -31
    ], 
    "SliceThickness": 3, 
    "SoftwareVersions": "syngo_MR_E11", 
    "SpacingBetweenSlices": 3.3, 
    "StationName": "MRC35115", 
    "TxRefAmp": 217.949
}