{
  "AcquisitionMatrixPE": 70,
  "AcquisitionNumber": 1,
  "AcquisitionTime": "19:54:39.197500",
  "BandwidthPerPixelPhaseEncode": 28.571,
  "BaseResolution": 70,
  "BodyPartExamined": "BRAIN",
  "ConsistencyInfo": "N4_VE11C_LATEST_20160120",
  "ConversionSoftware": "dcm2niix",
  "ConversionSoftwareVersion": "v1.0.20180622 GCC6.3.0",
  "DerivedVendorReportedEchoSpacing": 0.000500008,
  "DeviceSerialNumber": "167012",
  "DwellTime": 2.6e-06,
  "EchoTime": 0.03,
  "EchoTrainLength": 70,
  "EffectiveEchoSpacing": 0.000500007,
  "FlipAngle": 90,
  "ImageOrientationPatientDICOM": [0.999212, 0.00918831, 0.0386211, 0.00819676, 0.904134, -0.42717],
  "ImageType": [
    "ORIGINAL",
    "PRIMARY",
    "M",
    "ND",
    "MOSAIC"
],
  "InPlanePhaseEncodingDirectionDICOM": "COL",
  "InstitutionAddress": "Vassar_Street_43_Cambridge_Boston_US_02139",
  "InstitutionName": "MIT",
  "InstitutionalDepartmentName": "Department",
  "MRAcquisitionType": "2D",
  "MagneticFieldStrength": 3,
  "Manufacturer": "Siemens",
  "ManufacturersModelName": "Prisma_fit",
  "Modality": "MR",
  "MultibandAccelerationFactor": 2,
  "PartialFourier": 1,
  "PatientPosition": "HFS",
  "PercentPhaseFOV": 100,
  "PhaseEncodingDirection": "j-",
  "PhaseEncodingSteps": 70,
  "PhaseResolution": 1,
  "PixelBandwidth": 2745,
  "ProcedureStepDescription": "Saxe_SISO",
  "ProtocolName": "CIC_s2_TR2000_3mm_AP_4",
  "PulseSequenceDetails": "%SiemensSeq%_ep2d_bold",
  "ReceiveCoilActiveElements": "HEA;HEP",
  "ReceiveCoilName": "Head_32",
  "ReconMatrixPE": 70,
  "RepetitionTime": 2,
  "SAR": 0.0825668,
  "ScanOptions": "FS",
  "ScanningSequence": "EP",
  "SequenceName": "_epfid2d1_70",
  "SequenceVariant": "SK",
  "SeriesDescription": "CIC_s2_TR2000_3mm_AP_4",
  "SeriesNumber": 16,
  "ShimSetting": [-5634, -1537, 3151, 436, -79, -93, 44, -63],
  "SliceThickness": 3,
  "SliceTiming": [0, 0.07, 0.1375, 0.205, 0.2725, 0.3425, 0.41, 0.4775, 0.5475, 0.615, 0.6825, 0.7525, 0.82, 0.8875, 0.9575, 1.025, 1.0925, 1.16, 1.23, 1.2975, 1.365, 1.435, 1.5025, 1.57, 1.64, 1.7075, 1.775, 1.845, 1.9125, 0, 0.07, 0.1375, 0.205, 0.2725, 0.3425, 0.41, 0.4775, 0.5475, 0.615, 0.6825, 0.7525, 0.82, 0.8875, 0.9575, 1.025, 1.0925, 1.16, 1.23, 1.2975, 1.365, 1.435, 1.5025, 1.57, 1.64, 1.7075, 1.775, 1.845, 1.9125],
  "SoftwareVersions": "syngo_MR_E11",
  "SpacingBetweenSlices": 3.3,
  "StationName": "MRC35115",
  "TaskName": "CIC",
  "TotalReadoutTime": 0.0345005,
  "TxRefAmp": 239.398}