{
    "AcquisitionMatrixPE": 70, 
    "AcquisitionNumber": 1, 
    "AcquisitionTime": "20:28:15.470000", 
    "BaseResolution": 70, 
    "BodyPartExamined": "BRAIN", 
    "ConsistencyInfo": "N4_VE11C_LATEST_20160120", 
    "ConversionSoftware": "dcm2niix", 
    "ConversionSoftwareVersion": "v1.0.20180622 GCC6.3.0", 
    "DeviceSerialNumber": "167012", 
    "DwellTime": 4.7e-06, 
    "EchoNumber": 2, 
    "EchoTime": 0.00593, 
    "EchoTime1": 0.00347, 
    "EchoTime2": 0.00593, 
    "FlipAngle": 55, 
    "ImageOrientationPatientDICOM": [
        0.994784, 
        -0.0591207, 
        0.0831284, 
        0.0907075, 
        0.885486, 
        -0.455727
    ], 
    "ImageType": [
        "ORIGINAL", 
        "PRIMARY", 
        "P", 
        "ND"
    ], 
    "InPlanePhaseEncodingDirectionDICOM": "COL", 
    "InstitutionAddress": "Vassar_Street_43_Cambridge_Boston_US_02139", 
    "InstitutionName": "MIT", 
    "InstitutionalDepartmentName": "Department", 
    "IntendedFor": [
        "func/sub-SAXSISO24b_task-midloc_run-001_bold.nii.gz"
    ], 
    "MRAcquisitionType": "2D", 
    "MagneticFieldStrength": 3, 
    "Manufacturer": "Siemens", 
    "ManufacturersModelName": "Prisma_fit", 
    "Modality": "MR", 
    "PartialFourier": 1, 
    "PatientPosition": "HFS", 
    "PercentPhaseFOV": 100, 
    "PhaseEncodingDirection": "j-", 
    "PhaseEncodingSteps": 70, 
    "PhaseResolution": 1, 
    "PixelBandwidth": 1520, 
    "ProcedureStepDescription": "Saxe_SISO", 
    "ProtocolName": "field_mapping_3mm_iso", 
    "PulseSequenceDetails": "%SiemensSeq%_gre_field_mapping", 
    "ReceiveCoilActiveElements": "HEA;HEP", 
    "ReceiveCoilName": "Head_32", 
    "ReconMatrixPE": 70, 
    "RepetitionTime": 0.5, 
    "SAR": 0.101501, 
    "ScanningSequence": "GR", 
    "SequenceName": "_fm2d2r", 
    "SequenceVariant": "SP", 
    "SeriesDescription": "field_mapping_3mm_iso", 
    "SeriesNumber": 20, 
    "ShimSetting": [
        -5621, 
        -1487, 
        3167, 
        348, 
        -59, 
        -17, 
        138, 
        -48
    ], 
    "SliceThickness": 3, 
    "SoftwareVersions": "syngo_MR_E11", 
    "SpacingBetweenSlices": 3.3, 
    "StationName": "MRC35115", 
    "TxRefAmp": 219.041
}